GIT
  remote: https://github.com/rodjek/rspec-puppet.git
  revision: 389f99ef666521fec1b4530fe69dc1ab84a060a8
  specs:
    rspec-puppet (1.0.1)
      rspec

GEM
  remote: https://rubygems.org/
  specs:
    CFPropertyList (2.2.8)
    celluloid (0.16.0)
      timers (~> 4.0.0)
    coderay (1.1.0)
    diff-lcs (1.2.5)
    facter (2.2.0)
      CFPropertyList (~> 2.2.6)
    ffi (1.9.3)
    formatador (0.2.5)
    growl (1.0.3)
    guard (2.6.1)
      formatador (>= 0.2.4)
      listen (~> 2.7)
      lumberjack (~> 1.0)
      pry (>= 0.9.12)
      thor (>= 0.18.1)
    guard-rake (0.0.9)
      guard
      rake
    hiera (1.3.4)
      json_pure
    hitimes (1.2.2)
    json_pure (1.8.1)
    listen (2.7.9)
      celluloid (>= 0.15.2)
      rb-fsevent (>= 0.9.3)
      rb-inotify (>= 0.9)
    lumberjack (1.0.9)
    metaclass (0.0.4)
    method_source (0.8.2)
    mocha (1.0.0)
      metaclass (~> 0.0.1)
    pry (0.10.1)
      coderay (~> 1.1.0)
      method_source (~> 0.8.1)
      slop (~> 3.4)
    puppet (3.7.0)
      facter (> 1.6, < 3)
      hiera (~> 1.0)
      json_pure
    puppet-lint (1.0.1)
    puppet-syntax (1.3.0)
      rake
    puppetlabs_spec_helper (0.8.1)
      mocha
      puppet-lint
      puppet-syntax
      rake
      rspec
      rspec-puppet
    rake (10.3.2)
    rb-fsevent (0.9.4)
    rb-inotify (0.9.5)
      ffi (>= 0.5.0)
    rspec (3.1.0)
      rspec-core (~> 3.1.0)
      rspec-expectations (~> 3.1.0)
      rspec-mocks (~> 3.1.0)
    rspec-core (3.1.2)
      rspec-support (~> 3.1.0)
    rspec-expectations (3.1.0)
      diff-lcs (>= 1.2.0, < 2.0)
      rspec-support (~> 3.1.0)
    rspec-mocks (3.1.0)
      rspec-support (~> 3.1.0)
    rspec-support (3.1.0)
    slop (3.6.0)
    thor (0.19.1)
    timers (4.0.1)
      hitimes

PLATFORMS
  ruby

DEPENDENCIES
  growl
  guard-rake
  mocha (= 1.0)
  puppet
  puppet-lint
  puppet-syntax
  puppetlabs_spec_helper
  rake
  rspec-puppet!
